GEM
  remote: http://rubygems.org/
  specs:
    activemodel (3.0.9)
      activesupport (= 3.0.9)
      builder (~> 2.1.2)
      i18n (~> 0.5.0)
    activeresource (3.0.9)
      activemodel (= 3.0.9)
      activesupport (= 3.0.9)
    activesupport (3.0.9)
    builder (2.1.2)
    ci_reporter (1.6.0)
      builder (>= 2.1.2)
    git (1.2.5)
    i18n (0.5.0)
    jeweler (1.5.2)
      bundler (~> 1.0.0)
      git (>= 1.2.5)
      rake
    json (1.6.1)
    little-plugger (1.1.2)
    logging (1.6.1)
      little-plugger (>= 1.1.2)
    rake (0.9.2.2)
    rcov (0.9.11)
    rdiscount (1.6.8)
    rdoc (3.11)
      json (~> 1.4)
    shoulda (2.11.3)

PLATFORMS
  ruby

DEPENDENCIES
  activeresource (= 3.0.9)
  bundler (~> 1.0.0)
  ci_reporter (= 1.6.0)
  jeweler (~> 1.5.2)
  logging
  rcov
  rdiscount
  rdoc (>= 3.3)
  shoulda (~> 2.11.0)
